GEM
  remote: https://rubygems.org/
  specs:
    chunky_png (1.3.5)
    rqrcode (0.10.1)
      chunky_png (~> 1.0)

PLATFORMS
  ruby

DEPENDENCIES
  rqrcode

BUNDLED WITH
   1.11.2
